GEM
  remote: https://rubygems.org/
  specs:
    Ascii85 (1.0.3)
    activesupport (6.0.0)
      concurrent-ruby (~> 1.0, >= 1.0.2)
      i18n (>= 0.7, < 2)
      minitest (~> 5.1)
      tzinfo (~> 1.1)
      zeitwerk (~> 2.1, >= 2.1.8)
    afm (0.2.2)
    coderay (1.1.2)
    concurrent-ruby (1.1.5)
    hashery (2.1.2)
    i18n (1.6.0)
      concurrent-ruby (~> 1.0)
    method_source (0.9.2)
    minitest (5.12.2)
    mustermann (1.0.3)
    pdf-reader (2.2.1)
      Ascii85 (~> 1.0.0)
      afm (~> 0.2.1)
      hashery (~> 2.0)
      ruby-rc4
      ttfunk
    pry (0.12.2)
      coderay (~> 1.1.0)
      method_source (~> 0.9.0)
    rack (2.0.7)
    rack-protection (2.0.7)
      rack
    ruby-rc4 (0.1.5)
    sinatra (2.0.7)
      mustermann (~> 1.0)
      rack (~> 2.0)
      rack-protection (= 2.0.7)
      tilt (~> 2.0)
    thread_safe (0.3.6)
    tilt (2.0.10)
    ttfunk (1.5.1)
    tzinfo (1.2.5)
      thread_safe (~> 0.1)
    zeitwerk (2.1.10)

PLATFORMS
  ruby

DEPENDENCIES
  activesupport
  pdf-reader
  pry
  sinatra

BUNDLED WITH
   2.0.1
